GEM
  remote: https://rubygems.org/
  specs:
    activesupport (5.2.0)
      concurrent-ruby (~> 1.0, >= 1.0.2)
      i18n (>= 0.7, < 2)
      minitest (~> 5.1)
      tzinfo (~> 1.1)
    ast (2.4.0)
    backports (3.11.3)
    byebug (10.0.2)
    clearbit (0.2.8)
      nestful (~> 1.1.0)
    coderay (1.1.2)
    concurrent-ruby (1.0.5)
    debase (0.2.2)
      debase-ruby_core_source (>= 0.10.2)
    debase-ruby_core_source (0.10.3)
    diff-lcs (1.3)
    faraday (0.15.1)
      multipart-post (>= 1.2, < 3)
    faraday_middleware (0.12.2)
      faraday (>= 0.7.4, < 1.0)
    hashie (3.5.7)
    i18n (1.0.1)
      concurrent-ruby (~> 1.0)
    method_source (0.9.0)
    minitest (5.11.3)
    multi_json (1.13.1)
    multipart-post (2.0.0)
    mustermann (1.0.2)
    nestful (1.1.3)
    parallel (1.12.1)
    parser (2.5.1.0)
      ast (~> 2.4.0)
    plaid (5.0.0)
      faraday
      faraday_middleware
      hashie (>= 3.4.3)
    powerpack (0.1.1)
    pry (0.11.3)
      coderay (~> 1.1.0)
      method_source (~> 0.9.0)
    pry-byebug (3.6.0)
      byebug (~> 10.0)
      pry (~> 0.10)
    rack (2.0.5)
    rack-contrib (2.0.1)
      rack (~> 2.0)
    rack-protection (2.0.1)
      rack
    rack-proxy (0.6.4)
      rack
    rainbow (3.0.0)
    rake (12.3.1)
    rspec (3.7.0)
      rspec-core (~> 3.7.0)
      rspec-expectations (~> 3.7.0)
      rspec-mocks (~> 3.7.0)
    rspec-core (3.7.1)
      rspec-support (~> 3.7.0)
    rspec-expectations (3.7.0)
      diff-lcs (>= 1.2.0, < 2.0)
      rspec-support (~> 3.7.0)
    rspec-mocks (3.7.0)
      diff-lcs (>= 1.2.0, < 2.0)
      rspec-support (~> 3.7.0)
    rspec-support (3.7.1)
    rubocop (0.55.0)
      parallel (~> 1.10)
      parser (>= 2.5)
      powerpack (~> 0.1)
      rainbow (>= 2.2.2, < 4.0)
      ruby-progressbar (~> 1.7)
      unicode-display_width (~> 1.0, >= 1.0.1)
    ruby-debug-ide (0.6.1)
      rake (>= 0.8.1)
    ruby-progressbar (1.9.0)
    sinatra (2.0.1)
      mustermann (~> 1.0)
      rack (~> 2.0)
      rack-protection (= 2.0.1)
      tilt (~> 2.0)
    sinatra-contrib (2.0.1)
      backports (>= 2.0)
      multi_json
      mustermann (~> 1.0)
      rack-protection (= 2.0.1)
      sinatra (= 2.0.1)
      tilt (>= 1.3, < 3)
    sinatra-cors (1.1.0)
    thread_safe (0.3.6)
    tilt (2.0.8)
    tzinfo (1.2.5)
      thread_safe (~> 0.1)
    unicode-display_width (1.3.2)

PLATFORMS
  ruby

DEPENDENCIES
  activesupport
  clearbit
  debase
  plaid
  pry-byebug
  rack-contrib
  rack-proxy
  rspec
  rubocop
  ruby-debug-ide
  sinatra
  sinatra-contrib
  sinatra-cors

BUNDLED WITH
   1.16.1
