GEM
  remote: https://rubygems.org/
  specs:
    activesupport (5.2.0)
      concurrent-ruby (~> 1.0, >= 1.0.2)
      i18n (>= 0.7, < 2)
      minitest (~> 5.1)
      tzinfo (~> 1.1)
    addressable (2.5.2)
      public_suffix (>= 2.0.2, < 4.0)
    ast (2.4.0)
    backports (2.8.2)
    byebug (10.0.2)
    capybara (3.2.1)
      addressable
      mini_mime (>= 0.1.3)
      nokogiri (~> 1.8)
      rack (>= 1.6.0)
      rack-test (>= 0.6.3)
      xpath (~> 3.1)
    childprocess (0.9.0)
      ffi (~> 1.0, >= 1.0.11)
    clearbit (0.2.8)
      nestful (~> 1.1.0)
    coderay (1.1.2)
    concurrent-ruby (1.0.5)
    debase (0.2.2)
      debase-ruby_core_source (>= 0.10.2)
    debase-ruby_core_source (0.10.3)
    diff-lcs (1.3)
    dotenv (2.4.0)
    faraday (0.15.2)
      multipart-post (>= 1.2, < 3)
    faraday_middleware (0.12.2)
      faraday (>= 0.7.4, < 1.0)
    ffi (1.9.25)
    hashie (3.5.7)
    i18n (1.0.1)
      concurrent-ruby (~> 1.0)
    jaro_winkler (1.4.0)
    method_source (0.9.0)
    mini_mime (1.0.0)
    mini_portile2 (2.3.0)
    minitest (5.11.3)
    multi_json (1.13.1)
    multipart-post (2.0.0)
    mustermann (1.0.2)
    nestful (1.1.3)
    nokogiri (1.8.2)
      mini_portile2 (~> 2.3.0)
    parallel (1.12.1)
    parser (2.5.1.0)
      ast (~> 2.4.0)
    plaid (6.0.0)
      faraday
      faraday_middleware
      hashie (>= 3.4.3)
    powerpack (0.1.1)
    pry (0.11.3)
      coderay (~> 1.1.0)
      method_source (~> 0.9.0)
    pry-byebug (3.6.0)
      byebug (~> 10.0)
      pry (~> 0.10)
    public_suffix (3.0.2)
    puma (3.11.4)
    rack (2.0.5)
    rack-contrib (2.0.1)
      rack (~> 2.0)
    rack-protection (2.0.2)
      rack
    rack-test (1.0.0)
      rack (>= 1.0, < 3)
    rainbow (3.0.0)
    rake (12.3.1)
    rspec (3.7.0)
      rspec-core (~> 3.7.0)
      rspec-expectations (~> 3.7.0)
      rspec-mocks (~> 3.7.0)
    rspec-core (3.7.1)
      rspec-support (~> 3.7.0)
    rspec-expectations (3.7.0)
      diff-lcs (>= 1.2.0, < 2.0)
      rspec-support (~> 3.7.0)
    rspec-mocks (3.7.0)
      diff-lcs (>= 1.2.0, < 2.0)
      rspec-support (~> 3.7.0)
    rspec-support (3.7.1)
    rubocop (0.57.0)
      jaro_winkler (~> 1.4.0)
      parallel (~> 1.10)
      parser (>= 2.5)
      powerpack (~> 0.1)
      rainbow (>= 2.2.2, < 4.0)
      ruby-progressbar (~> 1.7)
      unicode-display_width (~> 1.0, >= 1.0.1)
    ruby-debug-ide (0.6.1)
      rake (>= 0.8.1)
    ruby-progressbar (1.9.0)
    rubyzip (1.2.1)
    selenium-webdriver (3.12.0)
      childprocess (~> 0.5)
      rubyzip (~> 1.2)
    sinatra (2.0.2)
      mustermann (~> 1.0)
      rack (~> 2.0)
      rack-protection (= 2.0.2)
      tilt (~> 2.0)
    sinatra-contrib (2.0.2)
      backports (~> 2.8.2)
      multi_json
      mustermann (~> 1.0)
      rack-protection (= 2.0.2)
      sinatra (= 2.0.2)
      tilt (>= 1.3, < 3)
    sinatra-cors (1.1.0)
    thread_safe (0.3.6)
    tilt (2.0.8)
    tzinfo (1.2.5)
      thread_safe (~> 0.1)
    unicode-display_width (1.4.0)
    xpath (3.1.0)
      nokogiri (~> 1.8)

PLATFORMS
  ruby

DEPENDENCIES
  activesupport
  capybara
  clearbit
  debase
  dotenv
  plaid
  pry-byebug
  puma
  rack-contrib
  rspec
  rubocop
  ruby-debug-ide
  selenium-webdriver
  sinatra (~> 2.0.2)
  sinatra-contrib
  sinatra-cors

BUNDLED WITH
   1.16.1
